GEM
  remote: http://rubygems.org/
  specs:
    rack (3.0.7)
    sinatra (1.0)
      rack (>= 1.0)

PLATFORMS
  ruby

DEPENDENCIES
  sinatra (= 1.0)
