GEM
  remote: http://rubygems.org/
  specs:
    rack (2.2.3.1)
    sinatra (1.0)
      rack (>= 1.0)

PLATFORMS
  ruby

DEPENDENCIES
  sinatra (= 1.0)
